GEM
  remote: https://rubygems.org/
  specs:
    concurrent-ruby (1.2.2)
    connection_pool (2.3.0)
    crass (1.0.6)
    erubi (1.12.0)
    flipper (0.26.0)
      concurrent-ruby (< 2)
    flipper-redis (0.26.0)
      flipper (~> 0.26.0)
      redis (>= 3.0, < 6)
    flipper-ui (0.26.0)
      erubi (>= 1.0.0, < 2.0.0)
      flipper (~> 0.26.0)
      rack (>= 1.4, < 3)
      rack-protection (>= 1.5.3, <= 4.0.0)
      sanitize (< 7)
    nokogiri (1.14.2-arm64-darwin)
      racc (~> 1.4)
    racc (1.6.2)
    rack (2.2.6.2)
    rack-protection (3.0.5)
      rack
    redis (5.0.6)
      redis-client (>= 0.9.0)
    redis-client (0.12.2)
      connection_pool
    sanitize (6.0.1)
      crass (~> 1.0.2)
      nokogiri (>= 1.12.0)
    webrick (1.8.1)

PLATFORMS
  arm64-darwin-21

DEPENDENCIES
  flipper
  flipper-redis
  flipper-ui
  rack
  webrick

BUNDLED WITH
   2.3.15
